GEM
  remote: http://rubygems.org/
  specs:
    bunny (0.7.9)
    datalogger (0.0.5)
    excon (0.7.12)
    foreman (0.36.1)
      term-ansicolor (~> 1.0.7)
      thor (>= 0.13.6)
    librato-metrics (0.2.3)
      excon (~> 0.7.12)
    term-ansicolor (1.0.7)
    thor (0.14.6)

PLATFORMS
  ruby

DEPENDENCIES
  bunny
  datalogger
  foreman
  librato-metrics
